GEM
  remote: http://rubygems.org/
  specs:
    activesupport (4.0.2)
      i18n (~> 0.6, >= 0.6.4)
      minitest (~> 4.2)
      multi_json (~> 1.3)
      thread_safe (~> 0.1)
      tzinfo (~> 0.3.37)
    atomic (1.1.14)
    chronic (0.10.2)
    gmail (0.4.0)
      gmail_xoauth (>= 0.3.0)
      mail (>= 2.2.1)
      mime (>= 0.1)
    gmail_xoauth (0.4.1)
      oauth (>= 0.3.6)
    i18n (0.6.9)
    mail (2.5.4)
      mime-types (~> 1.16)
      treetop (~> 1.4.8)
    mime (0.2.0)
    mime-types (1.25.1)
    mini_portile (0.5.2)
    minitest (4.7.5)
    multi_json (1.8.2)
    mysql2 (0.3.14)
    mysql2-cs-bind (0.0.6)
      mysql2
    nokogiri (1.6.1)
      mini_portile (~> 0.5.0)
    oauth (0.4.7)
    polyglot (0.3.3)
    thread_safe (0.1.3)
      atomic
    treetop (1.4.15)
      polyglot
      polyglot (>= 0.3.1)
    tzinfo (0.3.38)
    whenever (0.9.0)
      activesupport (>= 2.3.4)
      chronic (>= 0.6.3)

PLATFORMS
  ruby

DEPENDENCIES
  gmail
  mysql2
  mysql2-cs-bind
  nokogiri
  whenever
